PATH
  remote: .
  specs:
    apivore (0.0.2)
      actionpack (~> 4)
      hashie (>= 3.3.1)
      json-schema (~> 2.5.1)
      rspec-expectations (~> 3.1)
      rspec-mocks (~> 3.1)

GEM
  remote: https://rubygems.org/
  specs:
    actionpack (4.0.12)
      activesupport (= 4.0.12)
      builder (~> 3.1.0)
      erubis (~> 2.7.0)
      rack (~> 1.5.2)
      rack-test (~> 0.6.2)
    activesupport (4.0.12)
      i18n (~> 0.6, >= 0.6.9)
      minitest (~> 4.2)
      multi_json (~> 1.3)
      thread_safe (~> 0.1)
      tzinfo (~> 0.3.37)
    addressable (2.3.8)
    builder (3.1.4)
    coderay (1.1.0)
    diff-lcs (1.2.5)
    erubis (2.7.0)
    hashie (3.4.1)
    i18n (0.6.11)
    json-schema (2.5.1)
      addressable (~> 2.3.7)
    method_source (0.8.2)
    minitest (4.7.5)
    multi_json (1.10.1)
    power_assert (0.2.2)
    pry (0.10.1)
      coderay (~> 1.1.0)
      method_source (~> 0.8.1)
      slop (~> 3.4)
    rack (1.5.2)
    rack-test (0.6.2)
      rack (>= 1.0)
    railties (4.0.12)
      actionpack (= 4.0.12)
      activesupport (= 4.0.12)
      rake (>= 0.8.7)
      thor (>= 0.18.1, < 2.0)
    rake (10.3.2)
    rspec (3.1.0)
      rspec-core (~> 3.1.0)
      rspec-expectations (~> 3.1.0)
      rspec-mocks (~> 3.1.0)
    rspec-core (3.1.7)
      rspec-support (~> 3.1.0)
    rspec-expectations (3.1.2)
      diff-lcs (>= 1.2.0, < 2.0)
      rspec-support (~> 3.1.0)
    rspec-mocks (3.1.3)
      rspec-support (~> 3.1.0)
    rspec-rails (3.1.0)
      actionpack (>= 3.0)
      activesupport (>= 3.0)
      railties (>= 3.0)
      rspec-core (~> 3.1.0)
      rspec-expectations (~> 3.1.0)
      rspec-mocks (~> 3.1.0)
      rspec-support (~> 3.1.0)
    rspec-support (3.1.2)
    slop (3.6.0)
    test-unit (3.0.9)
      power_assert
    thor (0.19.1)
    thread_safe (0.3.4)
    tzinfo (0.3.42)

PLATFORMS
  ruby

DEPENDENCIES
  activesupport
  apivore!
  pry
  rake
  rspec
  rspec-rails
  test-unit
